GIT
  remote: git://github.com/chendo/cora.git
  revision: 0c97a4821da71408378db4de74d19021b6c16c45
  specs:
    cora (0.0.3)

PATH
  remote: ./plugins/siriproxy-example
  specs:
    siriproxy-example (0.0.1)

GEM
  remote: http://rubygems.org/
  specs:
    CFPropertyList (2.0.17)
      libxml-ruby (>= 1.1.0)
      rake (>= 0.7.0)
    eventmachine (0.12.10)
    libxml-ruby (2.2.2)
    rainbow (1.1.2)
    rake (0.9.2.2)
    uuidtools (2.1.2)

PLATFORMS
  ruby

DEPENDENCIES
  CFPropertyList
  cora!
  eventmachine
  rainbow
  siriproxy-example!
  uuidtools
